GEM
  remote: http://rubygems.org/
  specs:
    multi_json (1.3.6)
    rake (0.9.2.2)
    simplecov (0.7.1)
      multi_json (~> 1.0)
      simplecov-html (~> 0.7.1)
    simplecov-html (0.7.1)

PLATFORMS
  ruby

DEPENDENCIES
  rake
  simplecov
